GIT
  remote: https://github.com/sinatra/sinatra.git
  revision: a4dd24add24f2dd0e7299b9e68e12038138294d3
  specs:
    rack-protection (2.0.8.1)
      rack
    sinatra (2.0.8.1)
      mustermann (~> 1.0)
      rack (~> 2.0)
      rack-protection (= 2.0.8.1)
      tilt (~> 2.0)

GEM
  remote: https://rubygems.org/
  specs:
    concurrent-ruby (1.1.6)
    i18n (1.8.2)
      concurrent-ruby (~> 1.0)
    money (6.13.7)
      i18n (>= 0.6.4, <= 2)
    mustermann (1.1.1)
      ruby2_keywords (~> 0.0.1)
    rack (2.2.6.4)
    ruby2_keywords (0.0.2)
    stripe (5.15.0)
    tilt (2.0.10)

PLATFORMS
  ruby

DEPENDENCIES
  money
  sinatra!
  stripe

BUNDLED WITH
   2.0.2
